GEM
  remote: https://rubygems.org/
  specs:
    amq-protocol (2.3.2)
    bcrypt (3.1.16)
    bunny (2.18.0)
      amq-protocol (~> 2.3, >= 2.3.1)
      sorted_set (~> 1, >= 1.0.2)
    rbtree (0.4.4)
    set (1.0.1)
    sorted_set (1.0.3)
      rbtree
      set (~> 1.0)

PLATFORMS
  ruby

DEPENDENCIES
  bcrypt
  bunny

RUBY VERSION
   ruby 2.6.6p146

BUNDLED WITH
   2.2.20
